GEM
  remote: https://rubygems.org/
  specs:
    rack (3.0.8)

PLATFORMS
  x86_64-darwin-21

DEPENDENCIES
  rack

BUNDLED WITH
   2.3.7
